PATH
  remote: .
  specs:
    job_interview (0.1.6)
      faker (~> 0.9.5)

GEM
  remote: https://rubygems.org/
  specs:
    colorize (0.5.8)
    coveralls (0.6.2)
      colorize
      multi_json (~> 1.3)
      rest-client
      simplecov (>= 0.7)
      thor
    diff-lcs (1.1.3)
    faker (0.9.5)
      i18n (~> 0.4)
    i18n (0.6.4)
    mime-types (1.21)
    multi_json (1.7.1)
    rake (12.3.3)
    rest-client (1.6.7)
      mime-types (>= 1.16)
    rspec (2.9.0)
      rspec-core (~> 2.9.0)
      rspec-expectations (~> 2.9.0)
      rspec-mocks (~> 2.9.0)
    rspec-core (2.9.0)
    rspec-expectations (2.9.1)
      diff-lcs (~> 1.1.3)
    rspec-mocks (2.9.0)
    simplecov (0.7.1)
      multi_json (~> 1.0)
      simplecov-html (~> 0.7.1)
    simplecov-html (0.7.1)
    thor (0.17.0)

PLATFORMS
  ruby

DEPENDENCIES
  coveralls
  job_interview!
  rake (~> 12.3.3)
  rspec (~> 2.9.0)
